PATH
  remote: .
  specs:
    cramp (0.15.1R3)
      activesupport (>= 3.0.3)
      eventmachine (~> 1.0.0.beta.3)
      rack (~> 1.2.1)
      thor (~> 0.14.6)

GEM
  remote: http://rubygems.org/
  specs:
    activemodel (3.1.0)
      activesupport (= 3.1.0)
      bcrypt-ruby (~> 3.0.0)
      builder (~> 3.0.0)
      i18n (~> 0.6)
    activerecord (3.1.0)
      activemodel (= 3.1.0)
      activesupport (= 3.1.0)
      arel (~> 2.2.1)
      tzinfo (~> 0.3.29)
    activesupport (3.1.0)
      multi_json (~> 1.0)
    addressable (2.2.6)
    ansi (1.3.0)
    archive-tar-minitar (0.5.2)
    arel (2.2.1)
    async-rack (0.5.1)
      rack (~> 1.1)
    async_sinatra (0.5.0)
      rack (>= 1.2.1)
      sinatra (>= 1.0)
    bcrypt-ruby (3.0.1)
    builder (3.0.0)
    columnize (0.3.4)
    daemons (1.1.4)
    em-http-request (1.0.0)
      addressable (>= 2.2.3)
      em-socksify
      eventmachine (>= 1.0.0.beta.3)
      http_parser.rb (>= 0.5.2)
    em-socksify (0.1.0)
      eventmachine
    em-synchrony (1.0.0)
      eventmachine (>= 1.0.0.beta.1)
    erubis (2.7.0)
    eventmachine (1.0.0.beta.4)
    http_parser.rb (0.5.2)
    http_router (0.10.2)
      rack (>= 1.0.0)
      url_mount (~> 0.2.1)
    i18n (0.6.0)
    kgio (2.6.0)
    linecache19 (0.5.12)
      ruby_core_source (>= 0.1.4)
    multi_json (1.0.3)
    mysql2 (0.2.13)
    rack (1.2.4)
    rainbows (4.3.1)
      kgio (~> 2.5)
      rack (~> 1.1)
      unicorn (~> 4.1)
    raindrops (0.7.0)
    ruby-debug-base19 (0.11.25)
      columnize (>= 0.3.1)
      linecache19 (>= 0.5.11)
      ruby_core_source (>= 0.1.4)
    ruby-debug19 (0.11.6)
      columnize (>= 0.3.1)
      linecache19 (>= 0.5.11)
      ruby-debug-base19 (>= 0.11.19)
    ruby_core_source (0.1.5)
      archive-tar-minitar (>= 0.5.2)
    sinatra (1.2.6)
      rack (~> 1.1)
      tilt (< 2.0, >= 1.2.2)
    thin (1.2.11)
      daemons (>= 1.0.9)
      eventmachine (>= 0.12.6)
      rack (>= 1.0.0)
    thor (0.14.6)
    tilt (1.3.3)
    turn (0.8.2)
      ansi (>= 1.2.2)
    tzinfo (0.3.30)
    unicorn (4.1.1)
      kgio (~> 2.4)
      rack
      raindrops (~> 0.6)
    url_mount (0.2.1)
      rack
    yajl-ruby (1.0.0)

PLATFORMS
  ruby

DEPENDENCIES
  activerecord (>= 3.0.3)
  async-rack
  async_sinatra
  cramp!
  em-http-request
  em-synchrony
  erubis
  http_router
  mysql2 (~> 0.2.11)
  rainbows
  ruby-debug19
  thin (~> 1.2.11)
  turn
  yajl-ruby
